PATH
  remote: .
  specs:
    rolingo (0.1.0-java)

GEM
  remote: https://rubygems.org/
  specs:
    coderay (1.1.2)
    ffi (1.12.2-java)
    method_source (0.9.2)
    minitest (5.14.0)
    pry (0.12.2-java)
      coderay (~> 1.1.0)
      method_source (~> 0.9.0)
      spoon (~> 0.0)
    rake (12.3.3)
    spoon (0.0.6)
      ffi

PLATFORMS
  java

DEPENDENCIES
  minitest (~> 5.0)
  pry
  rake (~> 12.0)
  rolingo!

BUNDLED WITH
   2.1.4
